GEM
  remote: https://rubygems.org/
  specs:
    CFPropertyList (2.3.5)
    activesupport (4.2.9)
      i18n (~> 0.7)
      minitest (~> 5.1)
      thread_safe (~> 0.3, >= 0.3.4)
      tzinfo (~> 1.1)
    addressable (2.5.1)
      public_suffix (~> 2.0, >= 2.0.2)
    claide (1.0.2)
    claide-plugins (0.9.2)
      cork
      nap
      open4 (~> 1.3)
    clamp (0.6.5)
    cocoapods (1.3.0)
      activesupport (>= 4.0.2, < 5)
      claide (>= 1.0.2, < 2.0)
      cocoapods-core (= 1.3.0)
      cocoapods-deintegrate (>= 1.0.1, < 2.0)
      cocoapods-downloader (>= 1.1.3, < 2.0)
      cocoapods-plugins (>= 1.0.0, < 2.0)
      cocoapods-search (>= 1.0.0, < 2.0)
      cocoapods-stats (>= 1.0.0, < 2.0)
      cocoapods-trunk (>= 1.2.0, < 2.0)
      cocoapods-try (>= 1.1.0, < 2.0)
      colored2 (~> 3.1)
      escape (~> 0.0.4)
      fourflusher (~> 2.0.1)
      gh_inspector (~> 1.0)
      molinillo (~> 0.5.7)
      nap (~> 1.0)
      ruby-macho (~> 1.1)
      xcodeproj (>= 1.5.1, < 2.0)
    cocoapods-core (1.3.0)
      activesupport (>= 4.0.2, < 6)
      fuzzy_match (~> 2.0.4)
      nap (~> 1.0)
    cocoapods-deintegrate (1.0.1)
    cocoapods-downloader (1.1.3)
    cocoapods-plugins (1.0.0)
      nap
    cocoapods-search (1.0.0)
    cocoapods-stats (1.0.0)
    cocoapods-trunk (1.2.0)
      nap (>= 0.8, < 2.0)
      netrc (= 0.7.8)
    cocoapods-try (1.1.0)
    colored2 (3.1.2)
    cork (0.3.0)
      colored2 (~> 3.1)
    danger (4.3.5)
      claide (~> 1.0)
      claide-plugins (>= 0.9.2)
      colored2 (~> 3.1)
      cork (~> 0.1)
      faraday (~> 0.9)
      faraday-http-cache (~> 1.0)
      git (~> 1)
      kramdown (~> 1.5)
      octokit (~> 4.2)
      terminal-table (~> 1)
    danger-swiftlint (0.7.0)
      danger
      rake (> 10)
      thor (~> 0.19)
    escape (0.0.4)
    faraday (0.12.2)
      multipart-post (>= 1.2, < 3)
    faraday-http-cache (1.3.1)
      faraday (~> 0.8)
    fourflusher (2.0.1)
    fuzzy_match (2.0.4)
    gh_inspector (1.0.3)
    git (1.3.0)
    i18n (0.8.6)
    kramdown (1.14.0)
    mini_portile2 (2.2.0)
    minitest (5.10.3)
    molinillo (0.5.7)
    multipart-post (2.0.0)
    nanaimo (0.2.3)
    nap (1.1.0)
    netrc (0.7.8)
    nokogiri (1.8.0)
      mini_portile2 (~> 2.2.0)
    octokit (4.7.0)
      sawyer (~> 0.8.0, >= 0.5.3)
    open4 (1.3.4)
    public_suffix (2.0.5)
    rake (12.0.0)
    rouge (1.11.1)
    ruby-macho (1.1.0)
    sawyer (0.8.1)
      addressable (>= 2.3.5, < 2.6)
      faraday (~> 0.8, < 1.0)
    slather (2.4.2)
      CFPropertyList (~> 2.2)
      activesupport (>= 4.0.2, < 5)
      clamp (~> 0.6)
      nokogiri (~> 1.6)
      xcodeproj (~> 1.4)
    terminal-table (1.8.0)
      unicode-display_width (~> 1.1, >= 1.1.1)
    thor (0.19.4)
    thread_safe (0.3.6)
    tzinfo (1.2.3)
      thread_safe (~> 0.1)
    unicode-display_width (1.3.0)
    xcodeproj (1.5.1)
      CFPropertyList (~> 2.3.3)
      claide (>= 1.0.2, < 2.0)
      colored2 (~> 3.1)
      nanaimo (~> 0.2.3)
    xcpretty (0.2.4)
      rouge (~> 1.8)

PLATFORMS
  ruby

DEPENDENCIES
  cocoapods (= 1.3.0)
  danger (~> 4.3.0)
  danger-swiftlint (~> 0.7.0)
  slather (~> 2.4.0)
  xcpretty (= 0.2.4)

BUNDLED WITH
   1.15.1
